PATH
  remote: .
  specs:
    flickr_cli (0.2.5)
      asciiart (= 0.2.0)
      flickr_authentication (= 0.0.4)
      highline (= 1.6.11)

GEM
  remote: https://rubygems.org/
  specs:
    addressable (2.8.0)
      public_suffix (>= 2.0.2, < 5.0)
    asciiart (0.2.0)
      rainbow (= 3.0.0)
      rmagick (= 4.1.2)
    coderay (1.1.3)
    flickr_authentication (0.0.4)
      flickraw (= 0.9.8)
      launchy (= 2.5.0)
    flickraw (0.9.8)
    highline (1.6.11)
    launchy (2.5.0)
      addressable (~> 2.7)
    method_source (1.0.0)
    pry (0.14.1)
      coderay (~> 1.1)
      method_source (~> 1.0)
    public_suffix (4.0.6)
    rainbow (3.0.0)
    rmagick (4.1.2)

PLATFORMS
  ruby

DEPENDENCIES
  flickr_cli!
  pry

BUNDLED WITH
   2.2.15
