PATH
  remote: .
  specs:
    flickr_cli (0.2.3)
      asciiart (= 0.0.8)
      flickr_authentication (= 0.0.3)
      highline (= 1.6.11)

GEM
  remote: https://rubygems.org/
  specs:
    asciiart (0.0.8)
      rainbow (= 2.0.0)
      rmagick
    coderay (1.0.8)
    configuration (1.3.4)
    flickr_authentication (0.0.3)
      flickraw (= 0.9.8)
      launchy (= 0.4.0)
    flickraw (0.9.8)
    highline (1.6.11)
    launchy (0.4.0)
      configuration (>= 0.0.5)
      rake (>= 0.8.1)
    method_source (0.8.1)
    pry (0.9.10)
      coderay (~> 1.0.5)
      method_source (~> 0.8)
      slop (~> 3.3.1)
    rainbow (2.0.0)
    rake (10.3.2)
    rmagick (2.13.2)
    slop (3.3.3)

PLATFORMS
  ruby

DEPENDENCIES
  flickr_cli!
  pry
