PATH
  remote: .
  specs:
    flickr_cli (0.2.0)
      asciiart (= 0.0.4)
      flickraw (= 0.8.4)
      highline (= 1.6.11)
      launchy (= 0.4.0)

GEM
  remote: https://rubygems.org/
  specs:
    asciiart (0.0.4)
      rmagick
    coderay (1.0.8)
    configuration (1.3.2)
    flickraw (0.8.4)
      json (>= 1.1.1)
    highline (1.6.11)
    json (1.7.6)
    launchy (0.4.0)
      configuration (>= 0.0.5)
      rake (>= 0.8.1)
    method_source (0.8.1)
    pry (0.9.10)
      coderay (~> 1.0.5)
      method_source (~> 0.8)
      slop (~> 3.3.1)
    rake (10.0.3)
    rmagick (2.13.1)
    slop (3.3.3)

PLATFORMS
  ruby

DEPENDENCIES
  flickr_cli!
  pry
